PATH
  remote: .
  specs:
    view-cell (0.1.0)

GEM
  remote: http://rubygems.org/
  specs:
    awesome_print (1.8.0)
    diff-lcs (1.4.4)
    rspec (3.10.0)
      rspec-core (~> 3.10.0)
      rspec-expectations (~> 3.10.0)
      rspec-mocks (~> 3.10.0)
    rspec-core (3.10.1)
      rspec-support (~> 3.10.0)
    rspec-expectations (3.10.1)
      diff-lcs (>= 1.2.0, < 2.0)
      rspec-support (~> 3.10.0)
    rspec-mocks (3.10.1)
      diff-lcs (>= 1.2.0, < 2.0)
      rspec-support (~> 3.10.0)
    rspec-support (3.10.1)

PLATFORMS
  ruby

DEPENDENCIES
  awesome_print
  rspec
  view-cell!

BUNDLED WITH
   2.1.4
